GEM
  remote: https://rubygems.org/
  specs:
    activemodel (3.2.12)
      activesupport (= 3.2.12)
      builder (~> 3.0.0)
    activeresource (3.2.12)
      activemodel (= 3.2.12)
      activesupport (= 3.2.12)
    activesupport (3.2.12)
      i18n (~> 0.6)
      multi_json (~> 1.0)
    blather (0.8.1)
      activesupport (>= 2.3.11)
      eventmachine (>= 0.12.6)
      girl_friday
      niceogiri (~> 1.0)
      nokogiri (~> 1.5.5)
    bson (1.7.0)
    bson_ext (1.7.0)
      bson (~> 1.7.0)
    builder (3.0.4)
    connection_pool (0.9.2)
    eventmachine (1.0.0)
    girl_friday (0.10.0)
      connection_pool (~> 0.9.0)
    i18n (0.6.1)
    mime-types (1.19)
    mongo (1.7.0)
      bson (~> 1.7.0)
    multi_json (1.5.0)
    niceogiri (1.0.2)
      nokogiri (~> 1.4)
    nokogiri (1.5.6)
    pidly (0.1.3)
    rest-client (1.6.7)
      mime-types (>= 1.16)

PLATFORMS
  ruby

DEPENDENCIES
  activeresource
  activesupport
  blather
  bson_ext
  eventmachine
  mongo
  pidly
  rest-client
